PATH
  remote: /Users/uni/rubybook/ac-library-rb
  specs:
    ac-library (0.5.0)

GEM
  remote: https://rubygems.org/
  specs:

PLATFORMS
  ruby
  x86_64-darwin-19

DEPENDENCIES
  ac-library!

BUNDLED WITH
   2.2.16
